GIT
  remote: https://github.com/Fustrate/redd.git
  revision: 98dc476c37df04d7b10fa18ef953027e8c23733d
  specs:
    redd (0.9.0.pre.3)
      http (~> 5.0)
      lazy_lazer (~> 0.8.1)

GIT
  remote: https://github.com/shardlab/discordrb.git
  revision: edad88dc5d2fcb79985a8bf9d7da24702a544783
  branch: main
  specs:
    discordrb (3.5.0)
      discordrb-webhooks (~> 3.5.0)
      ffi (>= 1.9.24)
      opus-ruby
      rest-client (>= 2.0.0)
      websocket-client-simple (>= 0.3.0)
    discordrb-webhooks (3.5.0)
      rest-client (>= 2.0.0)

GEM
  remote: https://rubygems.org/
  specs:
    addressable (2.8.6)
      public_suffix (>= 2.0.2, < 6.0)
    airbrussh (1.5.2)
      sshkit (>= 1.6.1, != 1.7.0)
    ast (2.4.2)
    base64 (0.2.0)
    bigdecimal (3.1.8)
    capistrano (3.18.1)
      airbrussh (>= 1.0.0)
      i18n
      rake (>= 10.0.0)
      sshkit (>= 1.9.0)
    capistrano-bundler (2.1.0)
      capistrano (~> 3.1)
    capistrano-rbenv (2.2.0)
      capistrano (~> 3.1)
      sshkit (~> 1.3)
    chronic (0.10.2)
    climate_control (0.2.0)
    concurrent-ruby (1.3.1)
    concurrent-ruby-ext (1.3.1)
      concurrent-ruby (= 1.3.1)
    connection_pool (2.4.1)
    csv (3.3.0)
    daemons (1.4.1)
    domain_name (0.6.20240107)
    et-orbi (1.2.11)
      tzinfo
    event_emitter (0.2.6)
    ffi (1.17.0-arm64-darwin)
    ffi (1.17.0-x86_64-linux-gnu)
    ffi-compiler (1.3.2)
      ffi (>= 1.15.5)
      rake
    fugit (1.11.0)
      et-orbi (~> 1, >= 1.2.11)
      raabro (~> 1.4)
    hana (1.3.7)
    honeybadger (5.10.2)
    http (5.2.0)
      addressable (~> 2.8)
      base64 (~> 0.1)
      http-cookie (~> 1.0)
      http-form_data (~> 2.2)
      llhttp-ffi (~> 0.5.0)
    http-accept (1.7.0)
    http-cookie (1.0.6)
      domain_name (~> 0.5)
    http-form_data (2.3.0)
    httparty (0.22.0)
      csv
      mini_mime (>= 1.0.0)
      multi_xml (>= 0.5.2)
    i18n (1.14.5)
      concurrent-ruby (~> 1.0)
    json (2.7.2)
    language_server-protocol (3.17.0.3)
    lazy_lazer (0.8.1)
    llhttp-ffi (0.5.0)
      ffi-compiler (~> 1.0)
      rake (~> 13.0)
    mime-types (3.5.2)
      mime-types-data (~> 3.2015)
    mime-types-data (3.2024.0507)
    mini_mime (1.1.5)
    minitest (5.23.1)
    mlb_stats_api (0.4.0)
      hana (~> 1.3)
      httparty (~> 0.20)
      moneta (~> 1.5)
    moneta (1.6.0)
    multi_xml (0.7.1)
      bigdecimal (~> 3.1)
    mutex_m (0.2.0)
    net-scp (4.0.0)
      net-ssh (>= 2.6.5, < 8.0.0)
    net-sftp (4.0.0)
      net-ssh (>= 5.0.0, < 8.0.0)
    net-ssh (7.2.3)
    netrc (0.11.0)
    opus-ruby (1.0.1)
      ffi
    parallel (1.24.0)
    parser (3.3.2.0)
      ast (~> 2.4.1)
      racc
    pg (1.5.6)
    public_suffix (5.0.5)
    raabro (1.4.0)
    racc (1.8.0)
    rainbow (3.1.1)
    rake (13.2.1)
    redis (5.2.0)
      redis-client (>= 0.22.0)
    redis-client (0.22.2)
      connection_pool
    regexp_parser (2.9.2)
    rest-client (2.1.0)
      http-accept (>= 1.7.0, < 2.0)
      http-cookie (>= 1.0.2, < 2.0)
      mime-types (>= 1.16, < 4.0)
      netrc (~> 0.8)
    rexml (3.2.8)
      strscan (>= 3.0.9)
    rubocop (1.64.1)
      json (~> 2.3)
      language_server-protocol (>= 3.17.0)
      parallel (~> 1.10)
      parser (>= 3.3.0.2)
      rainbow (>= 2.2.2, < 4.0)
      regexp_parser (>= 1.8, < 3.0)
      rexml (>= 3.2.5, < 4.0)
      rubocop-ast (>= 1.31.1, < 2.0)
      ruby-progressbar (~> 1.7)
      unicode-display_width (>= 2.4.0, < 3.0)
    rubocop-ast (1.31.3)
      parser (>= 3.3.1.0)
    rubocop-minitest (0.35.0)
      rubocop (>= 1.61, < 2.0)
      rubocop-ast (>= 1.31.1, < 2.0)
    rubocop-performance (1.21.0)
      rubocop (>= 1.48.1, < 2.0)
      rubocop-ast (>= 1.31.1, < 2.0)
    rubocop-rake (0.6.0)
      rubocop (~> 1.0)
    rubocop-sequel (0.3.4)
      rubocop (~> 1.0)
    ruby-progressbar (1.13.0)
    rufus-scheduler (3.9.1)
      fugit (~> 1.1, >= 1.1.6)
    sequel (5.81.0)
      bigdecimal
    sshkit (1.22.2)
      base64
      mutex_m
      net-scp (>= 1.1.2)
      net-sftp (>= 2.1.2)
      net-ssh (>= 2.8.0)
    strscan (3.1.0)
    terminal-table (3.0.2)
      unicode-display_width (>= 1.1.1, < 3)
    terrapin (0.6.0)
      climate_control (>= 0.0.3, < 1.0)
    tzinfo (2.0.6)
      concurrent-ruby (~> 1.0)
    unicode-display_width (2.5.0)
    websocket (1.2.10)
    websocket-client-simple (0.8.0)
      event_emitter
      websocket

PLATFORMS
  arm64-darwin-23
  x86_64-linux

DEPENDENCIES
  capistrano (~> 3.17)
  capistrano-bundler (~> 2.1)
  capistrano-rbenv (~> 2.2)
  chronic (~> 0.10)
  concurrent-ruby-ext (~> 1.2)
  csv (~> 3.3)
  daemons (~> 1.4)
  discordrb!
  honeybadger (~> 5.10)
  minitest (~> 5.19)
  mlb_stats_api (>= 0.2.5)
  pg (~> 1.4)
  rake (~> 13.0)
  redd (>= 0.9.0.pre.3)!
  redis (~> 5.0)
  rubocop (~> 1.56)
  rubocop-minitest (~> 0.31)
  rubocop-performance (~> 1.19)
  rubocop-rake (~> 0.6)
  rubocop-sequel (~> 0.3)
  rufus-scheduler (~> 3.9)
  sequel (~> 5.71)
  terminal-table (~> 3.0)
  terrapin (~> 0.6)
  tzinfo (~> 2.0)

RUBY VERSION
   ruby 3.3.1p55

BUNDLED WITH
   2.5.10
